GEM
  remote: https://rubygems.org/
  specs:
    coderay (1.1.3)
    diff-lcs (1.5.1)
    method_source (1.1.0)
    mime-types (1.25.1)
    pry (0.14.2)
      coderay (~> 1.1)
      method_source (~> 1.0)
    pry-nav (1.0.0)
      pry (>= 0.9.10, < 0.15)
    rack (3.0.8)
    rack-test (2.1.0)
      rack (>= 1.3)
    rake (13.2.1)
    roda (3.79.0)
      rack
    rspec (3.13.0)
      rspec-core (~> 3.13.0)
      rspec-expectations (~> 3.13.0)
      rspec-mocks (~> 3.13.0)
    rspec-core (3.13.0)
      rspec-support (~> 3.13.0)
    rspec-expectations (3.13.0)
      diff-lcs (>= 1.2.0, < 2.0)
      rspec-support (~> 3.13.0)
    rspec-mocks (3.13.0)
      diff-lcs (>= 1.2.0, < 2.0)
      rspec-support (~> 3.13.0)
    rspec-support (3.13.1)
    rugged (1.7.2)

PLATFORMS
  x86_64-darwin-22

DEPENDENCIES
  mime-types
  pry-nav
  rack-test
  rake
  roda
  rspec
  rugged

BUNDLED WITH
   2.4.20
